GEM
  remote: https://rubygems.org/
  specs:
    async (2.6.5)
      console (~> 1.10)
      fiber-annotation
      io-event (~> 1.1)
      timers (~> 4.1)
    async-http (0.63.0)
      async (>= 1.25)
      async-io (>= 1.28)
      async-pool (>= 0.2)
      protocol-http (~> 0.26.0)
      protocol-http1 (~> 0.18.0)
      protocol-http2 (~> 0.16.0)
      traces (>= 0.10.0)
    async-io (1.41.0)
      async
    async-pool (0.4.0)
      async (>= 1.25)
    async-process (1.3.1)
      async
      async-io
    async-websocket (0.26.0)
      async-http (~> 0.54)
      async-io (~> 1.23)
      protocol-rack (~> 0.1)
      protocol-websocket (~> 0.11)
    console (1.23.4)
      fiber-annotation
      fiber-local
      json
    equalizer (0.0.11)
    fiber-annotation (0.2.0)
    fiber-local (1.0.0)
    google-protobuf (3.25.1)
    io-event (1.4.3)
    json (2.7.1)
    lbfgsb (0.5.2)
      numo-narray (>= 0.9.1)
    matrix (0.4.2)
    mmh3 (1.2.0)
    numo-linalg (0.1.7)
      numo-narray (>= 0.9.1.4)
    numo-narray (0.9.2.1)
    perfect-shape (1.0.8)
      equalizer (>= 0.0.11, < 1.1.0)
      matrix (>= 0.4.2, < 1.1.0)
    protocol-hpack (1.4.2)
    protocol-http (0.26.1)
    protocol-http1 (0.18.0)
      protocol-http (~> 0.22)
    protocol-http2 (0.16.0)
      protocol-hpack (~> 1.4)
      protocol-http (~> 0.18)
    protocol-rack (0.4.1)
      protocol-http (~> 0.23)
      rack (>= 1.0)
    protocol-websocket (0.12.1)
      protocol-http (~> 0.2)
    rack (3.0.9)
    rumale (0.28.1)
      numo-narray (>= 0.9.1)
      rumale-clustering (~> 0.28.1)
      rumale-core (~> 0.28.1)
      rumale-decomposition (~> 0.28.1)
      rumale-ensemble (~> 0.28.1)
      rumale-evaluation_measure (~> 0.28.1)
      rumale-feature_extraction (~> 0.28.1)
      rumale-kernel_approximation (~> 0.28.1)
      rumale-kernel_machine (~> 0.28.1)
      rumale-linear_model (~> 0.28.1)
      rumale-manifold (~> 0.28.1)
      rumale-metric_learning (~> 0.28.1)
      rumale-model_selection (~> 0.28.1)
      rumale-naive_bayes (~> 0.28.1)
      rumale-nearest_neighbors (~> 0.28.1)
      rumale-neural_network (~> 0.28.1)
      rumale-pipeline (~> 0.28.1)
      rumale-preprocessing (~> 0.28.1)
      rumale-tree (~> 0.28.1)
    rumale-clustering (0.28.1)
      numo-narray (>= 0.9.1)
      rumale-core (~> 0.28.1)
    rumale-core (0.28.1)
      numo-narray (>= 0.9.1)
    rumale-decomposition (0.28.1)
      numo-narray (>= 0.9.1)
      rumale-core (~> 0.28.1)
    rumale-ensemble (0.28.1)
      numo-narray (>= 0.9.1)
      rumale-core (~> 0.28.1)
      rumale-linear_model (~> 0.28.1)
      rumale-model_selection (~> 0.28.1)
      rumale-preprocessing (~> 0.28.1)
      rumale-tree (~> 0.28.1)
    rumale-evaluation_measure (0.28.1)
      numo-narray (>= 0.9.1)
      rumale-core (~> 0.28.1)
    rumale-feature_extraction (0.28.1)
      mmh3 (~> 1.0)
      numo-narray (>= 0.9.1)
      rumale-core (~> 0.28.1)
    rumale-kernel_approximation (0.28.1)
      numo-narray (>= 0.9.1)
      rumale-core (~> 0.28.1)
    rumale-kernel_machine (0.28.1)
      numo-narray (>= 0.9.1)
      rumale-core (~> 0.28.1)
    rumale-linear_model (0.28.1)
      lbfgsb (>= 0.3.0)
      numo-narray (>= 0.9.1)
      rumale-core (~> 0.28.1)
    rumale-manifold (0.28.1)
      numo-narray (>= 0.9.1)
      rumale-core (~> 0.28.1)
      rumale-decomposition (~> 0.28.1)
    rumale-metric_learning (0.28.1)
      lbfgsb (>= 0.3.0)
      numo-narray (>= 0.9.1)
      rumale-core (~> 0.28.1)
      rumale-decomposition (~> 0.28.1)
    rumale-model_selection (0.28.1)
      numo-narray (>= 0.9.1)
      rumale-core (~> 0.28.1)
      rumale-evaluation_measure (~> 0.28.1)
      rumale-preprocessing (~> 0.28.1)
    rumale-naive_bayes (0.28.1)
      numo-narray (>= 0.9.1)
      rumale-core (~> 0.28.1)
    rumale-nearest_neighbors (0.28.1)
      numo-narray (>= 0.9.1)
      rumale-core (~> 0.28.1)
    rumale-neural_network (0.28.1)
      numo-narray (>= 0.9.1)
      rumale-core (~> 0.28.1)
    rumale-pipeline (0.28.1)
      numo-narray (>= 0.9.1)
      rumale-core (~> 0.28.1)
    rumale-preprocessing (0.28.1)
      numo-narray (>= 0.9.1)
      rumale-core (~> 0.28.1)
    rumale-tree (0.28.1)
      numo-narray (>= 0.9.1)
      rumale-core (~> 0.28.1)
    sc2ai (0.0.3)
      async (= 2.6.5)
      async-process (= 1.3.1)
      async-websocket (= 0.26.0)
      google-protobuf (= 3.25.1)
      numo-linalg (= 0.1.7)
      numo-narray (= 0.9.2.1)
      perfect-shape (= 1.0.8)
      rumale (= 0.28.1)
      sc2ai-kdtree (~> 0.4)
      thor (= 1.3.0)
    sc2ai-kdtree (0.4.1)
    thor (1.3.0)
    timers (4.3.5)
    traces (0.11.1)

PLATFORMS
  ruby
  x86_64-linux

DEPENDENCIES
  sc2ai

BUNDLED WITH
   2.5.6
